GIT
  remote: git://github.com/jupp0r/health_graph.git
  revision: aac3be6dc4ec870d0dff7445408982e6174e3992
  branch: master
  specs:
    health_graph (0.5.7)
      faraday (>= 0.7.4)
      faraday_middleware (>= 0.7.8)
      hashie (>= 1.2)
      oauth2 (>= 0.5.2)
      webmock (>= 1.7.6)

GEM
  remote: http://rubygems.org/
  specs:
    activesupport (3.2.8)
      i18n (~> 0.6)
      multi_json (~> 1.0)
    addressable (2.3.2)
    capistrano (2.12.0)
      highline
      net-scp (>= 1.0.0)
      net-sftp (>= 2.0.0)
      net-ssh (>= 2.0.14)
      net-ssh-gateway (>= 1.1.0)
    coffee-script (2.2.0)
      coffee-script-source
      execjs
    coffee-script-source (1.4.0)
    crack (0.3.1)
    daemons (1.1.9)
    descriptive_statistics (1.1.0)
    diff-lcs (1.1.3)
    eventmachine (1.0.0)
    execjs (1.4.0)
      multi_json (~> 1.0)
    factory_girl (4.1.0)
      activesupport (>= 3.0.0)
    faraday (0.8.4)
      multipart-post (~> 1.1)
    faraday_middleware (0.9.0)
      faraday (>= 0.7.4, < 0.9)
    haml (3.1.7)
    hashie (1.2.0)
    highline (1.6.15)
    httpauth (0.2.0)
    i18n (0.6.1)
    json (1.7.5)
    jwt (0.1.5)
      multi_json (>= 1.0)
    macaddr (1.6.1)
      systemu (~> 2.5.0)
    mock_redis (0.6.0)
    multi_json (1.3.6)
    multipart-post (1.1.5)
    net-scp (1.0.4)
      net-ssh (>= 1.99.1)
    net-sftp (2.0.5)
      net-ssh (>= 2.0.9)
    net-ssh (2.6.1)
    net-ssh-gateway (1.1.0)
      net-ssh (>= 1.99.1)
    oauth2 (0.8.0)
      faraday (~> 0.8)
      httpauth (~> 0.1)
      jwt (~> 0.1.4)
      multi_json (~> 1.0)
      rack (~> 1.2)
    rack (1.4.1)
    rack-protection (1.2.0)
      rack
    rake (0.9.2.2)
    rake-compiler (0.8.1)
      rake
    redis (3.0.2)
    redis-namespace (1.2.1)
      redis (~> 3.0.0)
    redisk (0.2.2)
      redis (>= 0.1.1)
      redis-namespace (>= 0.1.0)
    resque (1.21.0)
      multi_json (~> 1.0)
      redis-namespace (~> 1.0)
      sinatra (>= 0.9.2)
      vegas (~> 0.1.2)
    resque-status (0.3.3)
      redisk (>= 0.2.1)
      resque (~> 1.19)
      uuid (~> 2.3)
    rspec (2.11.0)
      rspec-core (~> 2.11.0)
      rspec-expectations (~> 2.11.0)
      rspec-mocks (~> 2.11.0)
    rspec-core (2.11.1)
    rspec-expectations (2.11.3)
      diff-lcs (~> 1.1.3)
    rspec-mocks (2.11.3)
    rvm-capistrano (1.2.7)
      capistrano (>= 2.0.0)
    sass (3.1.21)
    shotgun (0.9)
      rack (>= 1.0)
    sinatra (1.3.3)
      rack (~> 1.3, >= 1.3.6)
      rack-protection (~> 1.2)
      tilt (~> 1.3, >= 1.3.3)
    systemu (2.5.2)
    thin (1.3.1)
      daemons (>= 1.0.9)
      eventmachine (>= 0.12.6)
      rack (>= 1.0.0)
    tilt (1.3.3)
    uuid (2.3.5)
      macaddr (~> 1.0)
    vegas (0.1.11)
      rack (>= 1.0.0)
    webmock (1.8.11)
      addressable (>= 2.2.7)
      crack (>= 0.1.7)

PLATFORMS
  ruby

DEPENDENCIES
  capistrano (~> 2.12.0)
  coffee-script (~> 2.2.0)
  descriptive_statistics (~> 1.1.0)
  factory_girl (~> 4.1)
  haml (~> 3.1.6)
  health_graph!
  json (~> 1.7.5)
  mock_redis (~> 0.6.0)
  rake
  rake-compiler (~> 0.8.1)
  resque (~> 1.21.0)
  resque-status (~> 0.3.3)
  rspec (~> 2.11.0)
  rvm-capistrano (~> 1.2.7)
  sass (~> 3.1.20)
  shotgun (~> 0.9)
  sinatra (~> 1.3.2)
  thin (~> 1.3.1)
